PATH
  remote: .
  specs:
    scrivito_accordion_widget (1.0.2)
      bundler
      scrivito

GEM
  remote: https://rubygems.org/
  specs:
    rake (10.3.2)
    scrivito (0.0.1)

PLATFORMS
  ruby

DEPENDENCIES
  rake
  scrivito_accordion_widget!
